GEM
  remote: http://rubygems.org/
  specs:
    haml (3.0.25)
    httpclient (2.8.3)
    jruby-openssl (0.10.7-java)
    json (2.5.1-java)
    progressbar (0.21.0)
    rake (13.0.6)
    rdoc (6.2.0)

PLATFORMS
  java

DEPENDENCIES
  haml (~> 3.0.25)
  httpclient
  jruby-openssl
  json
  progressbar
  rake
  rdoc

BUNDLED WITH
   1.17.3
