GEM
  remote: http://rubygems.org/
  specs:
    haml (5.2.1)
      temple (>= 0.8.0)
      tilt
    httpclient (2.8.3)
    json (2.5.1-java)
    progressbar (0.21.0)
    rake (13.0.6)
    rdoc (6.2.0)
    temple (0.8.2)
    tilt (2.0.10)

PLATFORMS
  java
  universal-java-1.8

DEPENDENCIES
  haml
  httpclient
  json
  progressbar
  rake
  rdoc

BUNDLED WITH
   2.2.32
